GEM
  remote: https://rubygems.org/
  specs:
    activesupport (6.0.3.1)
      concurrent-ruby (~> 1.0, >= 1.0.2)
      i18n (>= 0.7, < 2)
      minitest (~> 5.1)
      tzinfo (~> 1.1)
      zeitwerk (~> 2.2, >= 2.2.2)
    aes_key_wrap (1.0.1)
    ast (2.4.0)
    attr_required (1.0.1)
    backport (1.1.2)
    benchmark (0.1.0)
    bindata (2.4.7)
    concurrent-ruby (1.1.6)
    e2mmap (0.1.0)
    gitlab (4.11.0)
      httparty (~> 0.14, >= 0.14.0)
      terminal-table (~> 1.5, >= 1.5.1)
    httparty (0.18.0)
      mime-types (~> 3.0)
      multi_xml (>= 0.5.2)
    httpclient (2.8.3)
    i18n (1.8.2)
      concurrent-ruby (~> 1.0)
    jaro_winkler (1.5.4)
    json-jwt (1.11.0)
      activesupport (>= 4.2)
      aes_key_wrap
      bindata
    maruku (0.7.3)
    mime-types (3.3.1)
      mime-types-data (~> 3.2015)
    mime-types-data (3.2020.0512)
    mini_portile2 (2.4.0)
    minitest (5.14.1)
    multi_xml (0.6.0)
    mustermann (1.1.1)
      ruby2_keywords (~> 0.0.1)
    nio4r (2.5.2)
    nokogiri (1.10.9)
      mini_portile2 (~> 2.4.0)
    parallel (1.19.1)
    parser (2.7.1.3)
      ast (~> 2.4.0)
    puma (4.3.4)
      nio4r (~> 2.0)
    rack (2.0.9)
    rack-oauth2 (1.12.0)
      activesupport
      attr_required
      httpclient
      json-jwt (>= 1.11.0)
      rack (< 2.1)
    rack-protection (2.0.8.1)
      rack
    rainbow (3.0.0)
    reverse_markdown (2.0.0)
      nokogiri
    rexml (3.2.4)
    rubocop (0.84.0)
      parallel (~> 1.10)
      parser (>= 2.7.0.1)
      rainbow (>= 2.2.2, < 4.0)
      rexml
      rubocop-ast (>= 0.0.3)
      ruby-progressbar (~> 1.7)
      unicode-display_width (>= 1.4.0, < 2.0)
    rubocop-ast (0.0.3)
      parser (>= 2.7.0.1)
    ruby-progressbar (1.10.1)
    ruby2_keywords (0.0.2)
    sinatra (2.0.8.1)
      mustermann (~> 1.0)
      rack (~> 2.0)
      rack-protection (= 2.0.8.1)
      tilt (~> 2.0)
    solargraph (0.39.8)
      backport (~> 1.1)
      benchmark
      bundler (>= 1.17.2)
      e2mmap
      jaro_winkler (~> 1.5)
      maruku (~> 0.7, >= 0.7.3)
      nokogiri (~> 1.9, >= 1.9.1)
      parser (~> 2.3)
      reverse_markdown (>= 1.0.5, < 3)
      rubocop (~> 0.52)
      thor (~> 1.0)
      tilt (~> 2.0)
      yard (~> 0.9, >= 0.9.24)
    terminal-table (1.8.0)
      unicode-display_width (~> 1.1, >= 1.1.1)
    thor (1.0.1)
    thread_safe (0.3.6)
    tilt (2.0.10)
    tzinfo (1.2.7)
      thread_safe (~> 0.1)
    unicode-display_width (1.7.0)
    yard (0.9.25)
    zeitwerk (2.3.0)

PLATFORMS
  ruby

DEPENDENCIES
  gitlab (= 4.11.0)
  puma (~> 4.3)
  rack-oauth2 (~> 1.12)
  sinatra (~> 2.0)
  solargraph

BUNDLED WITH
   2.1.4
